GEM
  remote: https://rubygems.org/
  specs:
    actioncable (7.0.8.4)
      actionpack (= 7.0.8.4)
      activesupport (= 7.0.8.4)
      nio4r (~> 2.0)
      websocket-driver (>= 0.6.1)
    actionmailbox (7.0.8.4)
      actionpack (= 7.0.8.4)
      activejob (= 7.0.8.4)
      activerecord (= 7.0.8.4)
      activestorage (= 7.0.8.4)
      activesupport (= 7.0.8.4)
      mail (>= 2.7.1)
      net-imap
      net-pop
      net-smtp
    actionmailer (7.0.8.4)
      actionpack (= 7.0.8.4)
      actionview (= 7.0.8.4)
      activejob (= 7.0.8.4)
      activesupport (= 7.0.8.4)
      mail (~> 2.5, >= 2.5.4)
      net-imap
      net-pop
      net-smtp
      rails-dom-testing (~> 2.0)
    actionpack (7.0.8.4)
      actionview (= 7.0.8.4)
      activesupport (= 7.0.8.4)
      rack (~> 2.0, >= 2.2.4)
      rack-test (>= 0.6.3)
      rails-dom-testing (~> 2.0)
      rails-html-sanitizer (~> 1.0, >= 1.2.0)
    actiontext (7.0.8.4)
      actionpack (= 7.0.8.4)
      activerecord (= 7.0.8.4)
      activestorage (= 7.0.8.4)
      activesupport (= 7.0.8.4)
      globalid (>= 0.6.0)
      nokogiri (>= 1.8.5)
    actionview (7.0.8.4)
      activesupport (= 7.0.8.4)
      builder (~> 3.1)
      erubi (~> 1.4)
      rails-dom-testing (~> 2.0)
      rails-html-sanitizer (~> 1.1, >= 1.2.0)
    activejob (7.0.8.4)
      activesupport (= 7.0.8.4)
      globalid (>= 0.3.6)
    activemodel (7.0.8.4)
      activesupport (= 7.0.8.4)
    activerecord (7.0.8.4)
      activemodel (= 7.0.8.4)
      activesupport (= 7.0.8.4)
    activestorage (7.0.8.4)
      actionpack (= 7.0.8.4)
      activejob (= 7.0.8.4)
      activerecord (= 7.0.8.4)
      activesupport (= 7.0.8.4)
      marcel (~> 1.0)
      mini_mime (>= 1.1.0)
    activesupport (7.0.8.4)
      concurrent-ruby (~> 1.0, >= 1.0.2)
      i18n (>= 1.6, < 2)
      minitest (>= 5.1)
      tzinfo (~> 2.0)
    addressable (2.8.6)
      public_suffix (>= 2.0.2, < 6.0)
    ast (2.4.2)
    audited (5.6.0)
      activerecord (>= 5.2, < 7.2)
      activesupport (>= 5.2, < 7.2)
    aws-eventstream (1.2.0)
    aws-partitions (1.793.0)
    aws-sdk-core (3.180.0)
      aws-eventstream (~> 1, >= 1.0.2)
      aws-partitions (~> 1, >= 1.651.0)
      aws-sigv4 (~> 1.5)
      jmespath (~> 1, >= 1.6.1)
    aws-sdk-ecs (1.126.0)
      aws-sdk-core (~> 3, >= 3.177.0)
      aws-sigv4 (~> 1.1)
    aws-sdk-kms (1.71.0)
      aws-sdk-core (~> 3, >= 3.177.0)
      aws-sigv4 (~> 1.1)
    aws-sdk-s3 (1.132.0)
      aws-sdk-core (~> 3, >= 3.179.0)
      aws-sdk-kms (~> 1)
      aws-sigv4 (~> 1.6)
    aws-sigv4 (1.6.0)
      aws-eventstream (~> 1, >= 1.0.2)
    base64 (0.2.0)
    bcrypt (3.1.18)
    bigdecimal (3.1.8)
    builder (3.3.0)
    byebug (11.1.3)
    cancancan (3.5.0)
    capybara (3.40.0)
      addressable
      matrix
      mini_mime (>= 0.1.3)
      nokogiri (~> 1.11)
      rack (>= 1.6.0)
      rack-test (>= 0.6.3)
      regexp_parser (>= 1.5, < 3.0)
      xpath (~> 3.2)
    concurrent-ruby (1.3.3)
    crack (1.0.0)
      bigdecimal
      rexml
    crass (1.0.6)
    date (3.3.4)
    delayed_job (4.1.10)
      activesupport (>= 3.0, < 8.0)
    delayed_job_active_record (4.1.7)
      activerecord (>= 3.0, < 8.0)
      delayed_job (>= 3.0, < 5)
    devise (4.9.2)
      bcrypt (~> 3.0)
      orm_adapter (~> 0.1)
      railties (>= 4.1.0)
      responders
      warden (~> 1.2.3)
    diff-lcs (1.5.1)
    dotenv (2.8.1)
    dotenv-rails (2.8.1)
      dotenv (= 2.8.1)
      railties (>= 3.2)
    erubi (1.13.0)
    factory_bot (6.2.0)
      activesupport (>= 5.0.0)
    factory_bot_rails (6.2.0)
      factory_bot (~> 6.2.0)
      railties (>= 5.0.0)
    faraday (2.3.0)
      faraday-net_http (~> 2.0)
      ruby2_keywords (>= 0.0.4)
    faraday-net_http (2.0.3)
    ffi (1.15.5)
    globalid (1.2.1)
      activesupport (>= 6.1)
    hashdiff (1.1.0)
    hashie (5.0.0)
    i18n (1.14.5)
      concurrent-ruby (~> 1.0)
    ip (0.3.1)
    ipaddress_2 (0.14.0)
    jmespath (1.6.2)
    json (2.7.2)
    jwt (2.4.1)
    kaminari (1.2.2)
      activesupport (>= 4.1.0)
      kaminari-actionview (= 1.2.2)
      kaminari-activerecord (= 1.2.2)
      kaminari-core (= 1.2.2)
    kaminari-actionview (1.2.2)
      actionview
      kaminari-core (= 1.2.2)
    kaminari-activerecord (1.2.2)
      activerecord
      kaminari-core (= 1.2.2)
    kaminari-core (1.2.2)
    language_server-protocol (3.17.0.3)
    loofah (2.22.0)
      crass (~> 1.0.2)
      nokogiri (>= 1.12.0)
    mail (2.8.1)
      mini_mime (>= 0.1.1)
      net-imap
      net-pop
      net-smtp
    marcel (1.0.4)
    matrix (0.4.2)
    method_source (1.1.0)
    mini_mime (1.1.5)
    mini_portile2 (2.8.7)
    minitest (5.24.1)
    multi_json (1.15.0)
    multi_xml (0.6.0)
    mysql2 (0.5.5)
    net-imap (0.4.14)
      date
      net-protocol
    net-pop (0.1.2)
      net-protocol
    net-protocol (0.2.2)
      timeout
    net-smtp (0.5.0)
      net-protocol
    nio4r (2.7.3)
    nokogiri (1.16.7)
      mini_portile2 (~> 2.8.2)
      racc (~> 1.4)
    oauth2 (1.4.9)
      faraday (>= 0.17.3, < 3.0)
      jwt (>= 1.0, < 3.0)
      multi_json (~> 1.3)
      multi_xml (~> 0.5)
      rack (>= 1.2, < 3)
    omniauth (2.1.0)
      hashie (>= 3.4.6)
      rack (>= 2.2.3)
      rack-protection
    omniauth-oauth2 (1.8.0)
      oauth2 (>= 1.4, < 3)
      omniauth (~> 2.0)
    omniauth-rails_csrf_protection (1.0.1)
      actionpack (>= 4.2)
      omniauth (~> 2.0)
    openssl (3.1.0)
    orm_adapter (0.5.0)
    parallel (1.24.0)
    parser (3.3.1.0)
      ast (~> 2.4.1)
      racc
    public_suffix (5.0.5)
    puma (6.4.2)
      nio4r (~> 2.0)
    racc (1.8.1)
    rack (2.2.9)
    rack-protection (2.2.0)
      rack
    rack-test (2.1.0)
      rack (>= 1.3)
    rails (7.0.8.4)
      actioncable (= 7.0.8.4)
      actionmailbox (= 7.0.8.4)
      actionmailer (= 7.0.8.4)
      actionpack (= 7.0.8.4)
      actiontext (= 7.0.8.4)
      actionview (= 7.0.8.4)
      activejob (= 7.0.8.4)
      activemodel (= 7.0.8.4)
      activerecord (= 7.0.8.4)
      activestorage (= 7.0.8.4)
      activesupport (= 7.0.8.4)
      bundler (>= 1.15.0)
      railties (= 7.0.8.4)
    rails-dom-testing (2.2.0)
      activesupport (>= 5.0.0)
      minitest
      nokogiri (>= 1.6)
    rails-html-sanitizer (1.6.0)
      loofah (~> 2.21)
      nokogiri (~> 1.14)
    railties (7.0.8.4)
      actionpack (= 7.0.8.4)
      activesupport (= 7.0.8.4)
      method_source
      rake (>= 12.2)
      thor (~> 1.0)
      zeitwerk (~> 2.5)
    rainbow (3.1.1)
    rake (13.2.1)
    ransack (4.1.1)
      activerecord (>= 6.1.5)
      activesupport (>= 6.1.5)
      i18n
    regexp_parser (2.9.1)
    responders (3.1.0)
      actionpack (>= 5.2)
      railties (>= 5.2)
    rexml (3.2.6)
    rspec-core (3.13.0)
      rspec-support (~> 3.13.0)
    rspec-expectations (3.13.0)
      diff-lcs (>= 1.2.0, < 2.0)
      rspec-support (~> 3.13.0)
    rspec-mocks (3.13.1)
      diff-lcs (>= 1.2.0, < 2.0)
      rspec-support (~> 3.13.0)
    rspec-rails (6.1.2)
      actionpack (>= 6.1)
      activesupport (>= 6.1)
      railties (>= 6.1)
      rspec-core (~> 3.13)
      rspec-expectations (~> 3.13)
      rspec-mocks (~> 3.13)
      rspec-support (~> 3.13)
    rspec-support (3.13.1)
    rubocop (1.62.1)
      json (~> 2.3)
      language_server-protocol (>= 3.17.0)
      parallel (~> 1.10)
      parser (>= 3.3.0.2)
      rainbow (>= 2.2.2, < 4.0)
      regexp_parser (>= 1.8, < 3.0)
      rexml (>= 3.2.5, < 4.0)
      rubocop-ast (>= 1.31.1, < 2.0)
      ruby-progressbar (~> 1.7)
      unicode-display_width (>= 2.4.0, < 3.0)
    rubocop-ast (1.31.2)
      parser (>= 3.3.0.4)
    rubocop-capybara (2.20.0)
      rubocop (~> 1.41)
    rubocop-factory_bot (2.25.1)
      rubocop (~> 1.41)
    rubocop-govuk (4.16.1)
      rubocop (= 1.62.1)
      rubocop-ast (= 1.31.2)
      rubocop-rails (= 2.24.1)
      rubocop-rake (= 0.6.0)
      rubocop-rspec (= 2.28.0)
    rubocop-rails (2.24.1)
      activesupport (>= 4.2.0)
      rack (>= 1.1)
      rubocop (>= 1.33.0, < 2.0)
      rubocop-ast (>= 1.31.1, < 2.0)
    rubocop-rake (0.6.0)
      rubocop (~> 1.0)
    rubocop-rspec (2.28.0)
      rubocop (~> 1.40)
      rubocop-capybara (~> 2.17)
      rubocop-factory_bot (~> 2.22)
      rubocop-rspec_rails (~> 2.28)
    rubocop-rspec_rails (2.28.3)
      rubocop (~> 1.40)
    ruby-progressbar (1.13.0)
    ruby2_keywords (0.0.5)
    rubyzip (2.3.2)
    sassc (2.4.0)
      ffi (~> 1.9)
    sassc-rails (2.1.2)
      railties (>= 4.0.0)
      sassc (>= 2.0)
      sprockets (> 3.0)
      sprockets-rails
      tilt
    selenium-webdriver (4.20.1)
      base64 (~> 0.2)
      rexml (~> 3.2, >= 3.2.5)
      rubyzip (>= 1.2.2, < 3.0)
      websocket (~> 1.0)
    sentry-rails (5.10.0)
      railties (>= 5.0)
      sentry-ruby (~> 5.10.0)
    sentry-ruby (5.10.0)
      concurrent-ruby (~> 1.0, >= 1.0.2)
    shoulda-matchers (5.3.0)
      activesupport (>= 5.2.0)
    sprockets (4.2.1)
      concurrent-ruby (~> 1.0)
      rack (>= 2.2.4, < 4)
    sprockets-rails (3.4.2)
      actionpack (>= 5.2)
      activesupport (>= 5.2)
      sprockets (>= 3.0.0)
    thor (1.3.1)
    tilt (2.0.10)
    timecop (0.9.6)
    timeout (0.4.1)
    tzinfo (2.0.6)
      concurrent-ruby (~> 1.0)
    tzinfo-data (1.2023.3)
      tzinfo (>= 1.0.0)
    unicode-display_width (2.5.0)
    warden (1.2.9)
      rack (>= 2.0.9)
    webdrivers (5.2.0)
      nokogiri (~> 1.6)
      rubyzip (>= 1.3.0)
      selenium-webdriver (~> 4.0)
    webmock (3.23.0)
      addressable (>= 2.8.0)
      crack (>= 0.3.2)
      hashdiff (>= 0.4.0, < 2.0.0)
    websocket (1.2.10)
    websocket-driver (0.7.6)
      websocket-extensions (>= 0.1.0)
    websocket-extensions (0.1.5)
    xpath (3.2.0)
      nokogiri (~> 1.8)
    zeitwerk (2.6.17)

PLATFORMS
  ruby

DEPENDENCIES
  audited (= 5.6.0)
  aws-sdk-ecs (~> 1.126)
  aws-sdk-s3 (~> 1.132)
  byebug
  cancancan (~> 3.5)
  capybara (>= 2.15)
  delayed_job_active_record (= 4.1.7)
  devise
  dotenv-rails
  factory_bot_rails
  ip (~> 0.3.1)
  ipaddress_2
  kaminari
  mysql2 (~> 0.5.5)
  omniauth-oauth2
  omniauth-rails_csrf_protection (~> 1.0)
  openssl
  puma (~> 6.4)
  rails (~> 7.0.8)
  ransack
  rspec-rails (~> 6.1.2)
  rubocop-govuk
  sassc-rails (~> 2.1.0)
  selenium-webdriver
  sentry-rails
  sentry-ruby
  shoulda-matchers (~> 5.3)
  sprockets (~> 4.2.1)
  timecop
  tzinfo-data
  webdrivers
  webmock

RUBY VERSION
   ruby 3.2.2p53

BUNDLED WITH
   2.3.3
